GEM
  remote: http://rubygems.org/
  specs:
    activesupport (3.0.4)
    backports (1.18.2)
    i18n (0.5.0)
    monkey-lib (0.5.4)
      backports
    rack (1.2.1)
    sinatra (1.1.3)
      rack (~> 1.1)
      tilt (>= 1.2.2, < 2.0)
    sinatra-advanced-routes (0.5.1)
      monkey-lib (~> 0.5.0)
      sinatra (~> 1.0)
      sinatra-sugar (~> 0.5.0)
    sinatra-reloader (0.5.0)
      sinatra (~> 1.0)
      sinatra-advanced-routes (~> 0.5.0)
    sinatra-sugar (0.5.0)
      monkey-lib (~> 0.5.0)
      sinatra (~> 1.0)
    tilt (1.2.2)

PLATFORMS
  ruby

DEPENDENCIES
  activesupport
  i18n
  sinatra
  sinatra-reloader
